GIT
  remote: git@github.com:tdiary/tdiary-core.git
  revision: 88c63b9fa2a0cb1695aebc40f4567de7311d626c
  branch: routing
  specs:
    tdiary (3.2.2.20130527)
      bundler (~> 1.3)
      hikidoc (>= 0.0.6)
      imagesize (>= 0.1.0)
      rack (>= 1.0.0)
      rake (>= 10.0.0)
      rdtool (>= 0.6.0)
      thor (~> 0.18)

GEM
  remote: https://rubygems.org/
  specs:
    hike (1.2.2)
    hikidoc (0.0.6)
    imagesize (0.1.1)
    multi_json (1.7.4)
    rack (1.5.2)
    rack-protection (1.5.0)
      rack
    rake (10.0.4)
    rdtool (0.6.38)
    sinatra (1.4.2)
      rack (~> 1.5, >= 1.5.2)
      rack-protection (~> 1.4)
      tilt (~> 1.3, >= 1.3.4)
    sprockets (2.10.0)
      hike (~> 1.2)
      multi_json (~> 1.0)
      rack (~> 1.0)
      tilt (~> 1.1, != 1.3.0)
    thor (0.18.1)
    tilt (1.4.1)

PLATFORMS
  ruby

DEPENDENCIES
  sinatra
  sprockets
  tdiary!
